PATH
  remote: .
  specs:
    transcode_producer (0.0.1)
      bunny (~> 0.7)
      fog (~> 1.3)
      json (~> 1.7)
      simple-rss (~> 1.2)
      trollop (~> 1.16)

GEM
  remote: http://rubygems.org/
  specs:
    builder (3.0.0)
    bunny (0.8.0)
    diff-lcs (1.1.3)
    excon (0.14.3)
    flexmock (0.9.0)
    fog (1.4.0)
      builder
      excon (~> 0.14.0)
      formatador (~> 0.2.0)
      mime-types
      multi_json (~> 1.0)
      net-scp (~> 1.0.4)
      net-ssh (>= 2.1.3)
      nokogiri (~> 1.5.0)
      ruby-hmac
    formatador (0.2.3)
    json (1.7.3)
    mime-types (1.19)
    multi_json (1.3.6)
    net-scp (1.0.4)
      net-ssh (>= 1.99.1)
    net-ssh (2.5.2)
    nokogiri (1.5.5)
    rake (0.9.2.2)
    rcov (1.0.0)
    rdoc (3.12)
      json (~> 1.4)
    rspec (2.11.0)
      rspec-core (~> 2.11.0)
      rspec-expectations (~> 2.11.0)
      rspec-mocks (~> 2.11.0)
    rspec-core (2.11.1)
    rspec-expectations (2.11.1)
      diff-lcs (~> 1.1.3)
    rspec-mocks (2.11.1)
    ruby-hmac (0.4.0)
    simple-rss (1.2.3)
    trollop (1.16.2)

PLATFORMS
  ruby

DEPENDENCIES
  bundler (~> 1.1.0)
  flexmock (~> 0.9)
  rake (> 0)
  rcov
  rdoc (~> 3.12)
  rspec (~> 2.8)
  transcode_producer!
