GEM
  remote: http://rubygems.org/
  specs:
    builder (3.0.0)
    bunny (0.7.9)
    diff-lcs (1.1.3)
    excon (0.13.4)
    flexmock (0.9.0)
    fog (1.3.1)
      builder
      excon (~> 0.13.0)
      formatador (~> 0.2.0)
      mime-types
      multi_json (~> 1.0)
      net-scp (~> 1.0.4)
      net-ssh (>= 2.1.3)
      nokogiri (~> 1.5.0)
      ruby-hmac
    formatador (0.2.3)
    git (1.2.5)
    jeweler (1.8.3)
      bundler (~> 1.0)
      git (>= 1.2.5)
      rake
      rdoc
    json (1.7.3)
    mime-types (1.18)
    multi_json (1.3.6)
    net-scp (1.0.4)
      net-ssh (>= 1.99.1)
    net-ssh (2.5.2)
    nokogiri (1.5.4)
    rake (0.9.2.2)
    rcov (1.0.0)
    rdoc (3.12)
      json (~> 1.4)
    rspec (2.10.0)
      rspec-core (~> 2.10.0)
      rspec-expectations (~> 2.10.0)
      rspec-mocks (~> 2.10.0)
    rspec-core (2.10.1)
    rspec-expectations (2.10.0)
      diff-lcs (~> 1.1.3)
    rspec-mocks (2.10.1)
    ruby-hmac (0.4.0)
    shoulda (3.0.1)
      shoulda-context (~> 1.0.0)
      shoulda-matchers (~> 1.0.0)
    shoulda-context (1.0.0)
    shoulda-matchers (1.0.0)
    simple-rss (1.2.3)
    trollop (1.16.2)

PLATFORMS
  ruby

DEPENDENCIES
  bundler (~> 1.0.0)
  bunny (= 0.7.9)
  flexmock (~> 0.9)
  fog (= 1.3.1)
  jeweler (~> 1.8.3)
  json (= 1.7.3)
  rcov
  rdoc (~> 3.12)
  rspec (~> 2.8)
  shoulda
  simple-rss (= 1.2.3)
  trollop (~> 1.16.2)
